GEM
  remote: https://rubygems.org/
  specs:
    activesupport (4.2.11.3)
      i18n (~> 0.7)
      minitest (~> 5.1)
      thread_safe (~> 0.3, >= 0.3.4)
      tzinfo (~> 1.1)
    artii (2.1.2)
    awesome_print (1.9.2)
    concurrent-ruby (1.1.9)
    configatron (3.2.0)
    deep_merge (1.2.2)
    diff-lcs (1.5.0)
    diffy (3.4.0)
    facter (2.4.6)
    falkorlib (0.8.8)
      activesupport (~> 4.0)
      artii (>= 2.1)
      awesome_print (> 1.2)
      configatron (~> 3.0)
      deep_merge (~> 1.0)
      diffy (>= 3.0)
      facter (~> 2.4.1)
      git_remote_branch (~> 0)
      json (> 2.0)
      license-generator (~> 0)
      logger (>= 1.2.8)
      minigit (~> 0)
      rake (>= 12.3.3)
      term-ansicolor (> 1.3)
      thor (>= 1.0)
    fast_gettext (1.1.2)
    git_remote_branch (0.3.8)
    hiera (3.9.0)
    i18n (0.9.5)
      concurrent-ruby (~> 1.0)
    json (2.5.1)
    license-generator (0.4.1)
      thor
    locale (2.1.3)
    logger (1.3.0)
    minigit (0.0.4)
    minitest (5.12.0)
    multi_json (1.15.0)
    puppet (5.5.22)
      facter (> 2.0.1, < 4)
      fast_gettext (~> 1.1.2)
      hiera (>= 3.2.1, < 4)
      locale (~> 2.1)
      multi_json (~> 1.10)
    puppet-lint (2.5.2)
    puppet-syntax (2.6.1)
      puppet (>= 5)
      rake
    rake (12.3.3)
    rspec (3.11.0)
      rspec-core (~> 3.11.0)
      rspec-expectations (~> 3.11.0)
      rspec-mocks (~> 3.11.0)
    rspec-core (3.11.0)
      rspec-support (~> 3.11.0)
    rspec-expectations (3.11.0)
      diff-lcs (>= 1.2.0, < 2.0)
      rspec-support (~> 3.11.0)
    rspec-mocks (3.11.1)
      diff-lcs (>= 1.2.0, < 2.0)
      rspec-support (~> 3.11.0)
    rspec-puppet (2.11.1)
      rspec
    rspec-support (3.11.0)
    sync (0.5.0)
    term-ansicolor (1.7.1)
      tins (~> 1.0)
    thor (1.2.1)
    thread_safe (0.3.6)
    tins (1.31.0)
      sync
    tzinfo (1.2.9)
      thread_safe (~> 0.1)

PLATFORMS
  ruby

DEPENDENCIES
  facter (>= 1.7.0)
  falkorlib
  puppet (>= 3.3)
  puppet-lint (>= 0.3.2)
  puppet-syntax
  rspec-puppet

BUNDLED WITH
   1.17.3
